GEM
  remote: https://rubygems.org/
  specs:
    agent_orange (0.1.6)
    aws-sdk (1.9.2)
      json (~> 1.4)
      nokogiri (>= 1.4.4)
      uuidtools (~> 2.1)
    backports (3.3.2)
    chunky_png (1.2.8)
    compass (0.12.2)
      chunky_png (~> 1.2)
      fssm (>= 0.2.7)
      sass (~> 3.1)
    eventmachine (1.0.3)
    execjs (1.4.0)
      multi_json (~> 1.0)
    fssm (0.2.10)
    humanize (1.1.0)
    jsmin (1.0.1)
    json (1.7.6)
    mini_portile (0.5.0)
    multi_json (1.7.7)
    newrelic_rpm (3.6.4.122)
    nokogiri (1.6.0)
      mini_portile (~> 0.5.0)
    pg (0.14.1)
    rack (1.5.2)
    rack-protection (1.5.0)
      rack
    rack-test (0.6.2)
      rack (>= 1.0)
    rmagick (2.13.2)
    roodi (2.1.0)
      ruby_parser
    ruby_parser (3.1.3)
      sexp_processor (~> 4.1)
    sass (3.2.9)
    sequel (3.39.0)
    sexp_processor (4.2.1)
    sinatra (1.4.3)
      rack (~> 1.4)
      rack-protection (~> 1.4)
      tilt (~> 1.3, >= 1.3.4)
    sinatra-assetpack (0.2.7)
      jsmin
      rack-test
      sinatra
      tilt (>= 1.3.0)
    sinatra-contrib (1.4.0)
      backports (>= 2.0)
      eventmachine
      rack-protection
      rack-test
      sinatra (~> 1.4.2)
      tilt (~> 1.3)
    sinatra-partial (0.3.2)
      sinatra
    sinatra-sequel (0.9.0)
      sequel (>= 3.2.0)
      sinatra (>= 0.9.4)
    tilt (1.4.1)
    uglifier (2.1.1)
      execjs (>= 0.3.0)
      multi_json (~> 1.0, >= 1.0.2)
    uuidtools (2.1.3)
    will_paginate (3.0.3)

PLATFORMS
  ruby

DEPENDENCIES
  agent_orange (= 0.1.6)
  aws-sdk (= 1.9.2)
  compass (= 0.12.2)
  humanize (= 1.1.0)
  json (= 1.7.6)
  newrelic_rpm (= 3.6.4.122)
  pg (= 0.14.1)
  rmagick (= 2.13.2)
  roodi (= 2.1.0)
  sass (= 3.2.9)
  sequel (= 3.39.0)
  sinatra (= 1.4.3)
  sinatra-assetpack (= 0.2.7)
  sinatra-contrib (= 1.4.0)
  sinatra-partial (= 0.3.2)
  sinatra-sequel (= 0.9.0)
  uglifier (= 2.1.1)
  uuidtools (= 2.1.3)
  will_paginate (= 3.0.3)
