GEM
  remote: https://rubygems.org/
  specs:
    aws-sdk (1.9.2)
      json (~> 1.4)
      nokogiri (>= 1.4.4)
      uuidtools (~> 2.1)
    backports (2.6.1)
    chunky_png (1.2.6)
    compass (0.12.2)
      chunky_png (~> 1.2)
      fssm (>= 0.2.7)
      sass (~> 3.1)
    eventmachine (0.12.10)
    fssm (0.2.9)
    humanize (1.1.0)
    jsmin (1.0.1)
    json (1.7.6)
    newrelic_rpm (3.4.1)
    nokogiri (1.5.6)
    pg (0.14.1)
    rack (1.4.1)
    rack-protection (1.2.0)
      rack
    rack-test (0.6.1)
      rack (>= 1.0)
    rmagick (2.13.2)
    roodi (2.1.0)
      ruby_parser
    ruby_parser (3.1.1)
      sexp_processor (~> 4.1)
    sass (3.2.1)
    sequel (3.39.0)
    sexp_processor (4.1.3)
    sinatra (1.3.2)
      rack (~> 1.3, >= 1.3.6)
      rack-protection (~> 1.2)
      tilt (~> 1.3, >= 1.3.3)
    sinatra-assetpack (0.0.11)
      jsmin
      rack-test
      sinatra
      tilt (>= 1.3.0)
    sinatra-contrib (1.3.1)
      backports (>= 2.0)
      eventmachine
      rack-protection
      rack-test
      sinatra (~> 1.3.0)
      tilt (~> 1.3)
    sinatra-partial (0.3.2)
      sinatra
    sinatra-sequel (0.9.0)
      sequel (>= 3.2.0)
      sinatra (>= 0.9.4)
    tilt (1.3.3)
    uuidtools (2.1.3)
    will_paginate (3.0.3)

PLATFORMS
  ruby

DEPENDENCIES
  aws-sdk (= 1.9.2)
  compass (= 0.12.2)
  humanize (= 1.1.0)
  json (= 1.7.6)
  newrelic_rpm (= 3.4.1)
  pg (= 0.14.1)
  rmagick (= 2.13.2)
  roodi (= 2.1.0)
  sass (= 3.2.1)
  sequel (= 3.39.0)
  sinatra (= 1.3.2)
  sinatra-assetpack (= 0.0.11)
  sinatra-contrib (= 1.3.1)
  sinatra-partial (= 0.3.2)
  sinatra-sequel (= 0.9.0)
  uuidtools (= 2.1.3)
  will_paginate (= 3.0.3)
